GEM
  remote: https://rubygems.org/
  specs:
    backports (3.11.3)
    builder (3.2.3)
    cucumber (3.1.0)
      builder (>= 2.1.2)
      cucumber-core (~> 3.1.0)
      cucumber-expressions (~> 5.0.4)
      cucumber-wire (~> 0.0.1)
      diff-lcs (~> 1.3)
      gherkin (~> 5.0)
      multi_json (>= 1.7.5, < 2.0)
      multi_test (>= 0.1.2)
    cucumber-core (3.1.0)
      backports (>= 3.8.0)
      cucumber-tag_expressions (~> 1.1.0)
      gherkin (>= 5.0.0)
    cucumber-expressions (5.0.17)
    cucumber-tag_expressions (1.1.1)
    cucumber-wire (0.0.1)
    diff-lcs (1.3)
    gherkin (5.0.0)
    json (2.1.0)
    mime-types (1.25.1)
    multi_json (1.13.1)
    multi_test (0.1.2)
    power_assert (1.1.1)
    rest-client (1.6.9)
      mime-types (~> 1.16)
    test-unit (3.2.7)
      power_assert

PLATFORMS
  ruby

DEPENDENCIES
  bundler
  cucumber
  json
  rest-client
  test-unit

BUNDLED WITH
   1.16.2
